GEM
  remote: https://rubygems.org/
  specs:
    binding.repl (3.0.0)
    builder (3.2.4)
    cd (1.0.1)
    clipboard (1.3.6)
    code (0.9.3)
      coderay (~> 1.1)
      method_source (>= 0.9, < 2.0)
    coderay (1.1.3)
    coingecko_ruby (0.4.2)
    concurrent-ruby (1.1.9)
    daemons (1.4.1)
    debugging (1.1.2)
      binding.repl (~> 3.0)
      paint (>= 0.9, < 3.0)
    deep_dup (0.0.3)
    domain_name (0.5.20190701)
      unf (>= 0.0.5, < 1.0.0)
    erubi (1.10.0)
    escape_utils (1.2.1)
    every_day_irb (2.1.1)
      cd (~> 1.0)
    fancy_irb (1.4.3)
      paint (>= 0.9, < 3.0)
      unicode-display_width (>= 1.1)
    ffi (1.15.5-x64-mingw32)
    gssapi (1.3.1)
      ffi (>= 1.0.1)
    gyoku (1.3.1)
      builder (>= 2.1.2)
    hirb (0.7.3)
    http-accept (1.7.0)
    http-cookie (1.0.4)
      domain_name (~> 0.5)
    httpclient (2.8.3)
    interactive_editor (0.0.11)
      spoon (>= 0.0.1)
    io-console (0.5.11)
    irb (1.4.1)
      reline (>= 0.3.0)
    irbtools (3.0.5)
      binding.repl (~> 3.0)
      clipboard (~> 1.3)
      code (>= 0.9.2, < 2.0)
      coderay (~> 1.1)
      debugging (~> 1.1)
      every_day_irb (~> 2.0)
      fancy_irb (~> 1.2, >= 1.2.1)
      hirb (~> 0.7, >= 0.7.3)
      interactive_editor (~> 0.0, >= 0.0.10)
      irb (>= 0.9.6)
      methodfinder (~> 2.2, >= 2.2.2)
      object_shadow (~> 1.1)
      ori (~> 0.1.0)
      os
      paint (>= 0.9, < 3.0)
      ruby_engine (~> 1.0)
      ruby_info (~> 1.0)
      ruby_version (~> 1.0)
      wirb (~> 2.0, >= 2.2.1)
    json (2.6.1)
    lightly (0.3.3)
    little-plugger (1.1.4)
    logging (2.3.0)
      little-plugger (~> 1.1)
      multi_json (~> 1.14)
    lucky_case (1.1.0)
    method_source (1.0.0)
    methodfinder (2.2.3)
    mime-types (3.4.1)
      mime-types-data (~> 3.2015)
    mime-types-data (3.2022.0105)
    multi_json (1.15.0)
    netrc (0.11.0)
    nori (2.6.0)
    object_shadow (1.1.1)
    openssl (3.0.0)
    ori (0.1.0)
    os (1.1.4)
    paint (2.2.1)
    pastel (0.8.0)
      tty-color (~> 0.5)
    rbtree (0.4.4)
    reline (0.3.1)
      io-console (~> 0.5)
    rest-client (2.1.0-x64-mingw32)
      ffi (~> 1.9)
      http-accept (>= 1.7.0, < 2.0)
      http-cookie (>= 1.0.2, < 2.0)
      mime-types (>= 1.16, < 4.0)
      netrc (~> 0.8)
    ruby-pwsh (0.10.1)
    ruby_engine (1.0.1)
    ruby_info (1.0.1)
    ruby_version (1.0.2)
    rubyntlm (0.6.3)
    rushover (0.3.0)
      json
      rest-client
    semantic_logger (4.9.0)
      concurrent-ruby (~> 1.0)
    set (1.0.2)
    socksify (1.7.1)
    sorted_set (1.0.3)
      rbtree
      set (~> 1.0)
    spoon (0.0.6)
      ffi
    symbolized (0.0.1)
    sys-cpu (1.0.3)
      ffi (~> 1.1)
    terminal (2.0.0)
      escape_utils (~> 1.0)
    terminal-table (3.0.2)
      unicode-display_width (>= 1.1.1, < 3)
    tty-color (0.6.0)
    tty-cursor (0.7.1)
    tty-reader (0.9.0)
      tty-cursor (~> 0.7)
      tty-screen (~> 0.8)
      wisper (~> 2.0)
    tty-screen (0.8.1)
    tty-spinner (0.9.3)
      tty-cursor (~> 0.7)
    unf (0.1.4)
      unf_ext
    unf_ext (0.0.8-x64-mingw32)
    unicode-display_width (2.1.0)
    webrick (1.7.0)
    winrm (2.3.6)
      builder (>= 2.1.2)
      erubi (~> 1.8)
      gssapi (~> 1.2)
      gyoku (~> 1.0)
      httpclient (~> 2.2, >= 2.2.0.2)
      logging (>= 1.6.1, < 3.0)
      nori (~> 2.0)
      rubyntlm (~> 0.6.0, >= 0.6.3)
    wirb (2.2.2)
      paint (>= 0.9, < 3.0)
    wisper (2.0.1)
    zeitwerk (2.5.3)

PLATFORMS
  x64-mingw32

DEPENDENCIES
  coingecko_ruby
  concurrent-ruby
  daemons
  deep_dup
  irbtools
  lightly
  lucky_case
  openssl
  os
  pastel
  rest-client
  ruby-pwsh
  rushover
  semantic_logger
  socksify
  sorted_set
  symbolized
  sys-cpu
  terminal
  terminal-table
  tty-cursor
  tty-reader
  tty-screen
  tty-spinner
  webrick
  winrm
  zeitwerk

BUNDLED WITH
   2.2.32
