GEM
  remote: https://rubygems.org/
  specs:
    ast (2.4.2)
    concurrent-ruby (1.1.9)
    domain_name (0.5.20190701)
      unf (>= 0.0.5, < 1.0.0)
    escape_utils (1.2.1)
    ethon (0.15.0)
      ffi (>= 1.15.0)
    ffi (1.15.4-x64-mingw32)
    http-accept (1.7.0)
    http-cookie (1.0.4)
      domain_name (~> 0.5)
    ipaddr (1.2.3)
    json (2.6.1)
    mime-types (3.3.1)
      mime-types-data (~> 3.2015)
    mime-types-data (3.2021.0901)
    netrc (0.11.0)
    nio4r (2.5.8)
    opal (1.3.0)
      ast (>= 2.3.0)
      parser (~> 3.0)
    openssl (2.2.1)
      ipaddr
    os (1.1.4)
    parser (3.0.2.0)
      ast (~> 2.4.1)
    pastel (0.8.0)
      tty-color (~> 0.5)
    puma (5.5.2)
      nio4r (~> 2.0)
    rack (2.2.3)
    rbtree (0.4.4)
    rest-client (2.1.0-x64-mingw32)
      ffi (~> 1.9)
      http-accept (>= 1.7.0, < 2.0)
      http-cookie (>= 1.0.2, < 2.0)
      mime-types (>= 1.16, < 4.0)
      netrc (~> 0.8)
    ruby-pwsh (0.10.1)
    rushover (0.3.0)
      json
      rest-client
    set (1.0.2)
    sorted_set (1.0.3)
      rbtree
      set (~> 1.0)
    sys-cpu (1.0.3)
      ffi (~> 1.1)
    terminal (2.0.0)
      escape_utils (~> 1.0)
    terminal-table (3.0.2)
      unicode-display_width (>= 1.1.1, < 3)
    tty-color (0.6.0)
    tty-cursor (0.7.1)
    tty-reader (0.9.0)
      tty-cursor (~> 0.7)
      tty-screen (~> 0.8)
      wisper (~> 2.0)
    tty-screen (0.8.1)
    tty-spinner (0.9.3)
      tty-cursor (~> 0.7)
    typhoeus (1.4.0)
      ethon (>= 0.9.0)
    unf (0.1.4)
      unf_ext
    unf_ext (0.0.8-x64-mingw32)
    unicode-display_width (2.1.0)
    webrick (1.7.0)
    wisper (2.0.1)

PLATFORMS
  x64-mingw32

DEPENDENCIES
  concurrent-ruby
  opal
  openssl
  os
  pastel
  puma
  rack
  rest-client
  ruby-pwsh
  rushover
  sorted_set
  sys-cpu
  terminal
  terminal-table
  tty-cursor
  tty-reader
  tty-screen
  tty-spinner
  typhoeus
  webrick

BUNDLED WITH
   2.2.22
